GEM
  remote: https://rubygems.org/
  specs:
    coderay (1.1.2)
    method_source (0.9.2)
    mini_portile2 (2.4.0)
    net-scp (1.2.1)
      net-ssh (>= 2.6.5)
    net-ssh (5.1.0)
    nokogiri (1.10.1)
      mini_portile2 (~> 2.4.0)
    pry (0.12.2)
      coderay (~> 1.1.0)
      method_source (~> 0.9.0)
    ruby-progressbar (1.10.0)
    slack-notifier (2.3.2)

PLATFORMS
  ruby

DEPENDENCIES
  net-scp
  nokogiri
  pry
  ruby-progressbar
  slack-notifier

BUNDLED WITH
   2.0.1
